GEM
  remote: http://rubygems.org/
  specs:
    actionmailer (2.3.9)
      actionpack (= 2.3.9)
    actionpack (2.3.9)
      activesupport (= 2.3.9)
      rack (~> 1.1.0)
    activerecord (2.3.9)
      activesupport (= 2.3.9)
    activeresource (2.3.9)
      activesupport (= 2.3.9)
    activesupport (2.3.9)
    haml (3.0.13)
    json_pure (1.4.3)
    rack (1.1.0)
    rails (2.3.9)
      actionmailer (= 2.3.9)
      actionpack (= 2.3.9)
      activerecord (= 2.3.9)
      activeresource (= 2.3.9)
      activesupport (= 2.3.9)
      rake (>= 0.8.3)
    rake (0.8.7)
    sass (3.1.0.alpha.18)
    simplehttp (0.1.3)
    sqlite3-ruby (1.3.1)

PLATFORMS
  ruby

DEPENDENCIES
  haml (>= 3.0)
  json_pure
  rails (= 2.3.9)
  sass
  simplehttp
  sqlite3-ruby
